GEM
  remote: https://rubygems.org/
  specs:
    byebug (11.1.3)
    chunky_png (1.4.0)

PLATFORMS
  ruby

DEPENDENCIES
  byebug
  chunky_png

BUNDLED WITH
   1.17.3
