GEM
  remote: https://rubygems.org/
  specs:
    chunky_png (1.4.0)

PLATFORMS
  ruby

DEPENDENCIES
  chunky_png

BUNDLED WITH
   1.17.3
